GEM
  remote: https://rubygems.org/
  specs:
    tapp (1.4.1)
      thor
    thor (0.19.1)

PLATFORMS
  ruby

DEPENDENCIES
  tapp
