GEM
  remote: https://rubygems.org/
  specs:
    ptools (1.3.2)
    tapp (1.4.1)
      thor
    thor (0.19.1)

PLATFORMS
  ruby

DEPENDENCIES
  ptools
  tapp
